GEM
  remote: https://rubygems.org/
  specs:
    base64 (0.2.0)
    connection_pool (2.5.3)
    dotenv (3.1.8)
    json (2.11.3)
    logger (1.7.0)
    rack (3.1.13)
    rack-session (2.1.0)
      base64 (>= 0.1.0)
      rack (>= 3.0.0)
    rackup (2.2.1)
      rack (>= 3)
    redis-client (0.24.0)
      connection_pool
    sidekiq (8.0.3)
      connection_pool (>= 2.5.0)
      json (>= 2.9.0)
      logger (>= 1.6.2)
      rack (>= 3.1.0)
      redis-client (>= 0.23.2)
    webrick (1.9.1)

PLATFORMS
  ruby

DEPENDENCIES
  dotenv
  rack-session
  rackup
  sidekiq
  webrick

BUNDLED WITH
   2.6.2
